PATH
  remote: .
  specs:
    kibana (0.7.4)
      activesupport (~> 6)
      faraday (~> 2)
      faraday-multipart
      oj (~> 3)

GEM
  remote: https://rubygems.org/
  specs:
    activesupport (6.1.7.3)
      concurrent-ruby (~> 1.0, >= 1.0.2)
      i18n (>= 1.6, < 2)
      minitest (>= 5.1)
      tzinfo (~> 2.0)
      zeitwerk (~> 2.3)
    ansi (1.5.0)
    builder (3.2.4)
    byebug (9.1.0)
    concurrent-ruby (1.2.2)
    faraday (2.7.4)
      faraday-net_http (>= 2.0, < 3.1)
      ruby2_keywords (>= 0.0.4)
    faraday-multipart (1.0.4)
      multipart-post (~> 2)
    faraday-net_http (3.0.2)
    i18n (1.13.0)
      concurrent-ruby (~> 1.0)
    minitest (5.14.4)
    minitest-reporters (1.4.3)
      ansi
      builder
      minitest (>= 5.0)
      ruby-progressbar
    multipart-post (2.3.0)
    oj (3.10.13)
    rake (13.0.6)
    ruby-progressbar (1.11.0)
    ruby2_keywords (0.0.5)
    tzinfo (2.0.6)
      concurrent-ruby (~> 1.0)
    zeitwerk (2.6.7)

PLATFORMS
  ruby

DEPENDENCIES
  bundler (= 2.1.4)
  byebug (~> 9.1.0)
  kibana!
  minitest (>= 5.14)
  minitest-reporters (>= 1.4)
  rake (~> 13.0)

BUNDLED WITH
   2.1.4
